GEM
  remote: https://rubygems.org/
  specs:
    rack (1.6.0)
    roda (2.1.0)
      rack
    sequel (4.20.0)
    sqlite3 (1.3.10)

PLATFORMS
  ruby

DEPENDENCIES
  roda
  sequel
  sqlite3
