GIT
  remote: git://github.com/mitchellhenke/sequel_id_pagination.git
  revision: da92eab3e348f690e4fc1c335ad60cce6567683f
  specs:
    sequel_id_pagination (0.0.1)
      sequel (~> 4.0)

GEM
  remote: https://rubygems.org/
  specs:
    activesupport (4.2.0)
      i18n (~> 0.7)
      json (~> 1.7, >= 1.7.7)
      minitest (~> 5.1)
      thread_safe (~> 0.3, >= 0.3.4)
      tzinfo (~> 1.1)
    foreman (0.78.0)
      thor (~> 0.19.1)
    i18n (0.7.0)
    json (1.8.2)
    minitest (5.5.1)
    puma (2.11.1)
      rack (>= 1.1, < 2.0)
    rack (1.6.0)
    rack-test (0.6.3)
      rack (>= 1.0)
    rack-unreloader (1.2.1)
    racksh (1.0.0)
      rack (>= 1.0)
      rack-test (>= 0.5)
    roda (2.1.0)
      rack
    sequel (4.20.0)
    sqlite3 (1.3.10)
    thor (0.19.1)
    thread_safe (0.3.5)
    tzinfo (1.2.2)
      thread_safe (~> 0.1)

PLATFORMS
  ruby

DEPENDENCIES
  activesupport
  foreman
  puma
  rack-unreloader
  racksh
  roda
  sequel
  sequel_id_pagination!
  sqlite3
